GEM
  remote: https://rubygems.org/
  specs:
    blankslate (3.1.3)
    colorize (0.7.3)
    csscss (1.3.3)
      colorize
      parslet (>= 1.6.1, < 2.0)
    parslet (1.6.2)
      blankslate (>= 2.0, <= 4.0)

PLATFORMS
  ruby

DEPENDENCIES
  csscss
