GEM
  remote: https://rubygems.org/
  specs:
    blankslate (3.1.3)
    colorize (0.7.3)
    csscss (1.3.3)
      colorize
      parslet (>= 1.6.1, < 2.0)
    daemons (1.1.9)
    eventmachine (1.0.3)
    parslet (1.6.2)
      blankslate (>= 2.0, <= 4.0)
    rack (1.5.2)
    rack-protection (1.5.3)
      rack
    sinatra (1.4.5)
      rack (~> 1.4)
      rack-protection (~> 1.4)
      tilt (~> 1.3, >= 1.3.4)
    thin (1.6.3)
      daemons (~> 1.0, >= 1.0.9)
      eventmachine (~> 1.0)
      rack (~> 1.0)
    tilt (1.4.1)

PLATFORMS
  ruby

DEPENDENCIES
  csscss
  sinatra
  thin
